NUGET
  remote: https://www.nuget.org/api/v2
    FSharp.TypeProviders.StarterPack (2.1)
